PATH
  remote: .
  specs:
    capybara-lockstep (1.2.1)
      activesupport (>= 3.2)
      capybara (>= 2.0)
      cuprite (>= 0.14.2)
      ruby2_keywords

GEM
  remote: https://rubygems.org/
  specs:
    activesupport (6.1.7)
      concurrent-ruby (~> 1.0, >= 1.0.2)
      i18n (>= 1.6, < 2)
      minitest (>= 5.1)
      tzinfo (~> 2.0)
      zeitwerk (~> 2.3)
    addressable (2.8.1)
      public_suffix (>= 2.0.2, < 6.0)
    byebug (11.1.3)
    capybara (3.37.1)
      addressable
      matrix
      mini_mime (>= 0.1.3)
      nokogiri (~> 1.8)
      rack (>= 1.6.0)
      rack-test (>= 0.6.3)
      regexp_parser (>= 1.5, < 3.0)
      xpath (~> 3.2)
    chrome_remote (0.3.0)
      websocket-driver (~> 0.6)
    concurrent-ruby (1.1.10)
    cuprite (0.14.2)
      capybara (~> 3.0)
      ferrum (~> 0.12.0)
    daemons (1.3.1)
    diff-lcs (1.3)
    eventmachine (1.2.7)
    ferrum (0.12)
      addressable (~> 2.5)
      concurrent-ruby (~> 1.1)
      webrick (~> 1.7)
      websocket-driver (>= 0.6, < 0.8)
    gemika (0.6.0)
    i18n (1.12.0)
      concurrent-ruby (~> 1.0)
    jasmine (3.6.0)
      jasmine-core (~> 3.6.0)
      phantomjs
      rack (>= 1.2.1)
      rake
    jasmine-core (3.6.0)
    matrix (0.4.2)
    mini_mime (1.1.2)
    mini_portile2 (2.8.0)
    minitest (5.16.3)
    nokogiri (1.13.8)
      mini_portile2 (~> 2.8.0)
      racc (~> 1.4)
    phantomjs (2.1.1.0)
    public_suffix (5.0.0)
    racc (1.6.0)
    rack (2.2.3)
    rack-test (2.0.2)
      rack (>= 1.3)
    rake (13.0.1)
    regexp_parser (2.5.0)
    rspec (3.7.0)
      rspec-core (~> 3.7.0)
      rspec-expectations (~> 3.7.0)
      rspec-mocks (~> 3.7.0)
    rspec-core (3.7.0)
      rspec-support (~> 3.7.0)
    rspec-expectations (3.7.0)
      diff-lcs (>= 1.2.0, < 2.0)
      rspec-support (~> 3.7.0)
    rspec-mocks (3.7.0)
      diff-lcs (>= 1.2.0, < 2.0)
      rspec-support (~> 3.7.0)
    rspec-support (3.7.0)
    ruby2_keywords (0.0.5)
    thin (1.8.0)
      daemons (~> 1.0, >= 1.0.9)
      eventmachine (~> 1.0, >= 1.0.4)
      rack (>= 1, < 3)
    tzinfo (2.0.5)
      concurrent-ruby (~> 1.0)
    webrick (1.7.0)
    websocket-driver (0.7.3)
      websocket-extensions (>= 0.1.0)
    websocket-extensions (0.1.5)
    xpath (3.2.0)
      nokogiri (~> 1.8)
    zeitwerk (2.6.0)

PLATFORMS
  ruby

DEPENDENCIES
  activesupport (~> 6.0)
  byebug
  capybara-lockstep!
  chrome_remote
  gemika
  jasmine
  rake (~> 13.0)
  rspec (~> 3.0)
  thin

BUNDLED WITH
   2.2.32
